PATH
  remote: .
  specs:
    jammer-cli (0.1.0)
      optparse (~> 0.3.0)
      yaml

GEM
  remote: https://rubygems.org/
  specs:
    diff-lcs (1.6.2)
    optparse (0.3.1)
    rake (13.3.0)
    rspec (3.13.1)
      rspec-core (~> 3.13.0)
      rspec-expectations (~> 3.13.0)
      rspec-mocks (~> 3.13.0)
    rspec-core (3.13.5)
      rspec-support (~> 3.13.0)
    rspec-expectations (3.13.5)
      diff-lcs (>= 1.2.0, < 2.0)
      rspec-support (~> 3.13.0)
    rspec-mocks (3.13.5)
      diff-lcs (>= 1.2.0, < 2.0)
      rspec-support (~> 3.13.0)
    rspec-support (3.13.4)
    yaml (0.4.0)

PLATFORMS
  ruby

DEPENDENCIES
  jammer-cli!
  rake (~> 13.0)
  rspec (~> 3.0)

BUNDLED WITH
   1.17.2
